GEM
  remote: https://rubygems.org/
  specs:
    diff-lcs (1.5.0)
    io-console (0.5.11)
    rspec (3.11.0)
      rspec-core (~> 3.11.0)
      rspec-expectations (~> 3.11.0)
      rspec-mocks (~> 3.11.0)
    rspec-core (3.11.0)
      rspec-support (~> 3.11.0)
    rspec-expectations (3.11.0)
      diff-lcs (>= 1.2.0, < 2.0)
      rspec-support (~> 3.11.0)
    rspec-mocks (3.11.1)
      diff-lcs (>= 1.2.0, < 2.0)
      rspec-support (~> 3.11.0)
    rspec-support (3.11.0)
    terminal-table (3.0.2)
      unicode-display_width (>= 1.1.1, < 3)
    unicode-display_width (2.2.0)

PLATFORMS
  x64-mingw-ucrt

DEPENDENCIES
  io-console
  rspec
  terminal-table

RUBY VERSION
   ruby 3.1.2p20

BUNDLED WITH
   2.3.7
